GEM
  remote: https://rubygems.org/
  specs:
    aws_lambda_ric (2.0.0)

PLATFORMS
  ruby

DEPENDENCIES
  aws_lambda_ric (= 2.0.0)!

BUNDLED WITH
   1.17.3
